GEM
  remote: http://rubygems.org/
  specs:
    activesupport (3.0.3)
    archive-tar-minitar (0.5.2)
    autotest (4.4.4)
    autotest-fsevent (0.2.3)
      sys-uname
    columnize (0.3.2)
    diff-lcs (1.1.2)
    i18n (0.4.2)
    linecache19 (0.5.11)
      ruby_core_source (>= 0.1.4)
    mocha (0.9.9)
      rake
    rake (0.8.7)
    rspec (2.1.0)
      rspec-core (~> 2.1.0)
      rspec-expectations (~> 2.1.0)
      rspec-mocks (~> 2.1.0)
    rspec-core (2.1.0)
    rspec-expectations (2.1.0)
      diff-lcs (~> 1.1.2)
    rspec-mocks (2.1.0)
    ruby-debug-base19 (0.11.24)
      columnize (>= 0.3.1)
      linecache19 (>= 0.5.11)
      ruby_core_source (>= 0.1.4)
    ruby-debug19 (0.11.6)
      columnize (>= 0.3.1)
      linecache19 (>= 0.5.11)
      ruby-debug-base19 (>= 0.11.19)
    ruby_core_source (0.1.4)
      archive-tar-minitar (>= 0.5.2)
    sys-uname (0.8.4)

PLATFORMS
  ruby

DEPENDENCIES
  activesupport (~> 3.0.0)
  autotest
  autotest-fsevent
  i18n
  mocha
  rspec
  ruby-debug19
